GEM
  remote: https://rubygems.org/
  specs:
    kramdown (1.11.1)
    yard (0.9.20)

PLATFORMS
  java
  ruby

DEPENDENCIES
  kramdown
  yard (>= 0.9.20)

BUNDLED WITH
   1.17.3
