GEM
  remote: https://rubygems.org/
  specs:
    atomic (1.0.1)
    atomic (1.0.1-java)
    json (1.8.0)
    json (1.8.0-java)
    rack (1.6.12)
    rack-protection (1.5.5)
      rack
    sinatra (1.3.6)
      rack (~> 1.4)
      rack-protection (~> 1.3)
      tilt (~> 1.3, >= 1.3.3)
    tilt (1.4.1)

PLATFORMS
  java
  ruby

DEPENDENCIES
  atomic (= 1.0.1)
  json (= 1.8.0)
  rack (= 1.6.12)
  sinatra (= 1.3.6)

BUNDLED WITH
   1.17.3
